GIT
  remote: https://github.com/jubishop/ballchasing.git
  revision: 716e6659d7287e0b7af881b70de8abbf7d82cd3a
  specs:
    ballchasing (1.0)
      core
      duration
      http
      rstruct

GIT
  remote: https://github.com/jubishop/calculated.git
  revision: 6a4aec4752e52580081eae83d061f6faeec3751e
  specs:
    calculated (1.0)
      core
      datacache
      duration
      http
      rlranks

GIT
  remote: https://github.com/jubishop/core.git
  revision: 38bf038e5db31dc79a116de61969707cecd305be
  specs:
    core (1.0)

GIT
  remote: https://github.com/jubishop/datacache.git
  revision: c708ed4b9ee5e68f49aded6a720353c5470d6e50
  specs:
    datacache (1.0)
      concurrent-ruby
      core
      duration

GIT
  remote: https://github.com/jubishop/duration.git
  revision: 3a1e63b824c774ffec0a169202a7ec84db14d0d7
  specs:
    duration (1.0)
      core

GIT
  remote: https://github.com/jubishop/jubibot.git
  revision: b6c085cd0d385d2e47c50da74ed8e6b15df0fd05
  specs:
    jubibot (1.0)
      core
      csv
      discordrb
      rstruct

GIT
  remote: https://github.com/jubishop/rlranks.git
  revision: e49ef0afdbb16556519a0a29eef61ca705fe8545
  specs:
    rlranks (1.0)
      rstruct

GIT
  remote: https://github.com/jubishop/rstruct.git
  revision: 2ac1c6a4e5bdd5b2377e8509795f7fd17564bf0c
  specs:
    rstruct (1.0)
      core

GIT
  remote: https://github.com/jubishop/steam.git
  revision: fa69cd67533a3ca766a18d70e79912bb6884bfeb
  specs:
    steam (1.0)
      core
      datacache
      duration
      http

GIT
  remote: https://github.com/swarley/discordrb.git
  revision: eb693934d6b4806ed86f283f987246d528c95566
  branch: next
  specs:
    discordrb (3.3.0)
      discordrb-webhooks (~> 3.3.0)
      ffi (>= 1.9.24)
      opus-ruby
      rest-client (>= 2.0.0)
      websocket-client-simple (>= 0.3.0)
    discordrb-webhooks (3.3.0)
      rest-client (>= 2.0.0)

GEM
  remote: https://rubygems.org/
  specs:
    addressable (2.7.0)
      public_suffix (>= 2.0.2, < 5.0)
    concurrent-ruby (1.1.8)
    csv (3.1.9)
    domain_name (0.5.20190701)
      unf (>= 0.0.5, < 1.0.0)
    event_emitter (0.2.6)
    ffi (1.14.2)
    ffi-compiler (1.0.1)
      ffi (>= 1.0.0)
      rake
    http (4.4.1)
      addressable (~> 2.3)
      http-cookie (~> 1.0)
      http-form_data (~> 2.2)
      http-parser (~> 1.2.0)
    http-accept (1.7.0)
    http-cookie (1.0.3)
      domain_name (~> 0.5)
    http-form_data (2.3.0)
    http-parser (1.2.3)
      ffi-compiler (>= 1.0, < 2.0)
    mime-types (3.3.1)
      mime-types-data (~> 3.2015)
    mime-types-data (3.2021.0212)
    netrc (0.11.0)
    opus-ruby (1.0.1)
      ffi
    pg (1.2.3)
    public_suffix (4.0.6)
    rake (13.0.3)
    rest-client (2.1.0)
      http-accept (>= 1.7.0, < 2.0)
      http-cookie (>= 1.0.2, < 2.0)
      mime-types (>= 1.16, < 4.0)
      netrc (~> 0.8)
    unf (0.1.4)
      unf_ext
    unf_ext (0.0.7.7)
    websocket (1.2.9)
    websocket-client-simple (0.3.0)
      event_emitter
      websocket

PLATFORMS
  x86_64-darwin-20
  x86_64-linux

DEPENDENCIES
  ballchasing!
  calculated!
  concurrent-ruby
  core!
  csv
  datacache!
  discordrb!
  duration!
  http
  jubibot!
  pg
  rlranks!
  rstruct!
  steam!

RUBY VERSION
   ruby 3.0.0p0

BUNDLED WITH
   2.2.9
