GEM
  specs:

GEM
  remote: https://www.jubigems.org/
  specs:
    ballchasing (1.0)
      core
      date
      duration
      http
      json
      rstruct
    calculated (1.0)
      core
      datacache
      duration
      http
      rlranks
    core (1.17)
    datacache (1.2)
      concurrent-ruby
      core
      duration
    debugger (0.8)
    duration (1.5)
      core
      linguistics
    jubibot (1.2)
      core
      csv
      debugger
      discordrb
      rstruct
      yaml
    rlranks (1.0)
      rstruct
    rstruct (1.4)
      core
    single_instance (0.1)
    steam (1.0)
      core
      datacache
      duration
      http

GEM
  remote: https://www.rubygems.org/
  specs:
    addressable (2.7.0)
      public_suffix (>= 2.0.2, < 5.0)
    concurrent-ruby (1.1.8)
    csv (3.1.9)
    date (3.1.1)
    discordrb (3.4.0)
      discordrb-webhooks (~> 3.3.0)
      ffi (>= 1.9.24)
      opus-ruby
      rest-client (>= 2.0.0)
      websocket-client-simple (>= 0.3.0)
    discordrb-webhooks (3.3.0)
      rest-client (>= 2.1.0.rc1)
    domain_name (0.5.20190701)
      unf (>= 0.0.5, < 1.0.0)
    event_emitter (0.2.6)
    ffi (1.15.0)
    ffi-compiler (1.0.1)
      ffi (>= 1.0.0)
      rake
    http (4.4.1)
      addressable (~> 2.3)
      http-cookie (~> 1.0)
      http-form_data (~> 2.2)
      http-parser (~> 1.2.0)
    http-accept (1.7.0)
    http-cookie (1.0.3)
      domain_name (~> 0.5)
    http-form_data (2.3.0)
    http-parser (1.2.3)
      ffi-compiler (>= 1.0, < 2.0)
    json (2.5.1)
    linguistics (2.1.0)
      loggability (~> 0.11)
    loggability (0.18.2)
    mime-types (3.3.1)
      mime-types-data (~> 3.2015)
    mime-types-data (3.2021.0225)
    netrc (0.11.0)
    opus-ruby (1.0.1)
      ffi
    pg (1.2.3)
    public_suffix (4.0.6)
    rake (13.0.3)
    rest-client (2.1.0)
      http-accept (>= 1.7.0, < 2.0)
      http-cookie (>= 1.0.2, < 2.0)
      mime-types (>= 1.16, < 4.0)
      netrc (~> 0.8)
    unf (0.1.4)
      unf_ext
    unf_ext (0.0.7.7)
    websocket (1.2.9)
    websocket-client-simple (0.3.0)
      event_emitter
      websocket
    yaml (0.1.1)

PLATFORMS
  x86_64-darwin-20
  x86_64-linux

DEPENDENCIES
  ballchasing!
  calculated!
  concurrent-ruby!
  core!
  csv!
  datacache!
  debugger!
  discordrb!
  duration!
  http!
  jubibot!
  pg!
  rlranks!
  rstruct!
  single_instance!
  steam!

RUBY VERSION
   ruby 3.0.0p0

BUNDLED WITH
   2.2.15
