GIT
  remote: https://github.com/jubishop/ballchasing.git
  revision: 15cdbba9d057a593983752ff83b39162696eb733
  specs:
    ballchasing (1.0)
      core
      date
      duration
      http
      json
      rstruct

GIT
  remote: https://github.com/jubishop/calculated.git
  revision: 6a8af7df0a575d39f93c0326bae1e89404fc3313
  specs:
    calculated (1.0)
      core
      datacache
      duration
      http
      rlranks

GIT
  remote: https://github.com/jubishop/core.git
  revision: e20e6d25dc38e01f1c8516adb3c13d14d8c862ba
  specs:
    core (1.14)

GIT
  remote: https://github.com/jubishop/datacache.git
  revision: f97a276859735bddf1eee87e098abdde4b55e45f
  specs:
    datacache (1.2)
      concurrent-ruby
      core
      duration

GIT
  remote: https://github.com/jubishop/duration.git
  revision: 7bb2ed263295a2b70349d14d8ce4e86b21e15336
  specs:
    duration (1.4)
      core

GIT
  remote: https://github.com/jubishop/jubibot.git
  revision: d6c72f878b4d833d088e5270afee96e32dbde492
  specs:
    jubibot (1.0)
      core
      csv
      discordrb
      rstruct

GIT
  remote: https://github.com/jubishop/rlranks.git
  revision: 7f47886522d4a0de90ab91d21cf14a96b3f478cc
  specs:
    rlranks (1.0)
      rstruct

GIT
  remote: https://github.com/jubishop/rstruct.git
  revision: e36189febde42d8b6f87e7b705d830da3d34f2ea
  specs:
    rstruct (1.3)
      core

GIT
  remote: https://github.com/jubishop/steam.git
  revision: d9c7f595a83e5f88482c8b5bc60148e95c0b549e
  specs:
    steam (1.0)
      core
      datacache
      duration
      http

GEM
  remote: https://rubygems.org/
  specs:
    addressable (2.7.0)
      public_suffix (>= 2.0.2, < 5.0)
    concurrent-ruby (1.1.8)
    csv (3.1.9)
    date (3.1.1)
    discordrb (3.4.0)
      discordrb-webhooks (~> 3.3.0)
      ffi (>= 1.9.24)
      opus-ruby
      rest-client (>= 2.0.0)
      websocket-client-simple (>= 0.3.0)
    discordrb-webhooks (3.3.0)
      rest-client (>= 2.1.0.rc1)
    domain_name (0.5.20190701)
      unf (>= 0.0.5, < 1.0.0)
    event_emitter (0.2.6)
    ffi (1.15.0)
    ffi-compiler (1.0.1)
      ffi (>= 1.0.0)
      rake
    http (4.4.1)
      addressable (~> 2.3)
      http-cookie (~> 1.0)
      http-form_data (~> 2.2)
      http-parser (~> 1.2.0)
    http-accept (1.7.0)
    http-cookie (1.0.3)
      domain_name (~> 0.5)
    http-form_data (2.3.0)
    http-parser (1.2.3)
      ffi-compiler (>= 1.0, < 2.0)
    json (2.5.1)
    mime-types (3.3.1)
      mime-types-data (~> 3.2015)
    mime-types-data (3.2021.0225)
    netrc (0.11.0)
    opus-ruby (1.0.1)
      ffi
    pg (1.2.3)
    public_suffix (4.0.6)
    rake (13.0.3)
    rest-client (2.1.0)
      http-accept (>= 1.7.0, < 2.0)
      http-cookie (>= 1.0.2, < 2.0)
      mime-types (>= 1.16, < 4.0)
      netrc (~> 0.8)
    unf (0.1.4)
      unf_ext
    unf_ext (0.0.7.7)
    websocket (1.2.9)
    websocket-client-simple (0.3.0)
      event_emitter
      websocket

PLATFORMS
  x86_64-darwin-20
  x86_64-linux

DEPENDENCIES
  ballchasing!
  calculated!
  concurrent-ruby
  core!
  csv
  datacache!
  discordrb
  duration!
  http
  jubibot!
  pg
  rlranks!
  rstruct!
  steam!

RUBY VERSION
   ruby 3.0.0p0

BUNDLED WITH
   2.2.15
